GEM
  remote: http://rubygems.org/
  specs:
    adsf (1.1.1)
      rack (>= 1.0.0)
    colored (1.2)
    cri (2.3.0)
      colored (>= 1.2)
    mime-types (1.19)
    nanoc (3.4.3)
      cri (~> 2.2)
    rack (1.4.1)
    redcarpet (2.2.2)
    rubypants (0.2.0)
    typogruby (1.0.15)
      rubypants

PLATFORMS
  ruby

DEPENDENCIES
  adsf
  mime-types
  nanoc
  redcarpet
  typogruby
