GEM
  remote: https://rubygems.org/
  specs:
    addressable (2.7.0)
      public_suffix (>= 2.0.2, < 5.0)
    adsf (1.4.2)
      rack (>= 1.0.0, < 3.0.0)
    builder (3.2.3)
    colored (1.2)
    concurrent-ruby (1.1.5)
    cri (2.15.9)
    ddmemoize (1.0.0)
      ddmetrics (~> 1.0)
      ref (~> 2.0)
    ddmetrics (1.0.1)
    ddplugin (1.0.2)
    diff-lcs (1.3)
    equatable (0.6.1)
    ffi (1.11.1)
    hamster (3.0.0)
      concurrent-ruby (~> 1.0)
    json (2.3.1)
    json_schema (0.20.8)
    kramdown (2.3.0)
      rexml
    mini_portile2 (2.4.0)
    nanoc (4.11.13)
      addressable (~> 2.5)
      colored (~> 1.2)
      nanoc-cli (= 4.11.13)
      nanoc-core (= 4.11.13)
      parallel (~> 1.12)
      tty-command (~> 0.8)
      tty-which (~> 0.4)
    nanoc-cli (4.11.13)
      cri (~> 2.15)
      diff-lcs (~> 1.3)
      nanoc-core (= 4.11.13)
      zeitwerk (~> 2.1)
    nanoc-core (4.11.13)
      ddmemoize (~> 1.0)
      ddmetrics (~> 1.0)
      ddplugin (~> 1.0)
      hamster (~> 3.0)
      json_schema (~> 0.19)
      slow_enumerator_tools (~> 1.0)
      tomlrb (~> 1.2)
      tty-platform (~> 0.2)
      zeitwerk (~> 2.1)
    nokogiri (1.10.8)
      mini_portile2 (~> 2.4.0)
    parallel (1.18.0)
    pastel (0.7.3)
      equatable (~> 0.6)
      tty-color (~> 0.5)
    public_suffix (4.0.1)
    rack (2.2.3)
    rb-fsevent (0.10.3)
    rb-inotify (0.10.0)
      ffi (~> 1.0)
    ref (2.0.0)
    rexml (3.2.4)
    rouge (3.12.0)
    sass (3.7.4)
      sass-listen (~> 4.0.0)
    sass-listen (4.0.0)
      rb-fsevent (~> 0.9, >= 0.9.4)
      rb-inotify (~> 0.9, >= 0.9.7)
    slow_enumerator_tools (1.1.0)
    tomlrb (1.2.8)
    tty-color (0.5.0)
    tty-command (0.9.0)
      pastel (~> 0.7.0)
    tty-platform (0.2.1)
    tty-which (0.4.1)
    w3c_validators (1.3.4)
      json (>= 1.8)
      nokogiri (~> 1.6)
    zeitwerk (2.2.1)

PLATFORMS
  ruby

DEPENDENCIES
  adsf
  builder
  kramdown
  nanoc
  rouge
  sass
  w3c_validators

RUBY VERSION
   ruby 2.6.3p62

BUNDLED WITH
   1.17.2
